PATH
  remote: /Users/fluke/sandbox/gooddata-ruby
  specs:
    gooddata (0.6.24)
      aws-sdk (~> 1.45)
      docile (~> 1.1, >= 1.1.5)
      erubis (~> 2.7, >= 2.7.0)
      gli (~> 2.13, >= 2.13.2)
      highline (~> 1.7, >= 1.7.3)
      json_pure (~> 1.8, >= 1.8.2)
      multi_json (~> 1.11, >= 1.11.2)
      parseconfig (~> 1.0, >= 1.0.6)
      pmap (~> 1.0, >= 1.0.2)
      pry (~> 0.9.12.6)
      rest-client (~> 1.8, >= 1.8.0)
      restforce (~> 2.1, >= 2.1.1)
      rubyzip (~> 1.1, >= 1.1.7)
      salesforce_bulk_query (~> 0.2, >= 0.2.0)
      terminal-table (~> 1.5, >= 1.5.2)
      thread_safe

GEM
  remote: https://rubygems.org/
  specs:
    activesupport (4.2.3)
      i18n (~> 0.7)
      json (~> 1.7, >= 1.7.7)
      minitest (~> 5.1)
      thread_safe (~> 0.3, >= 0.3.4)
      tzinfo (~> 1.1)
    addressable (2.3.8)
    aws-sdk (1.66.0)
      aws-sdk-v1 (= 1.66.0)
    aws-sdk-v1 (1.66.0)
      json (~> 1.4)
      nokogiri (>= 1.4.4)
    buftok (0.2.0)
    coderay (1.1.0)
    diff-lcs (1.2.5)
    docile (1.1.5)
    domain_name (0.5.25)
      unf (>= 0.0.5, < 1.0.0)
    equalizer (0.0.11)
    erubis (2.7.0)
    faraday (0.9.2)
      multipart-post (>= 1.2, < 3)
    faraday_middleware (0.10.0)
      faraday (>= 0.7.4, < 0.10)
    ffi (1.9.3-java)
    gli (2.13.2)
    hashie (3.4.2)
    highline (1.7.7)
    http (0.6.4)
      http_parser.rb (~> 0.6.0)
    http-cookie (1.0.2)
      domain_name (~> 0.5)
    http_parser.rb (0.6.0)
    i18n (0.7.0)
    json (1.8.3)
    json (1.8.3-java)
    json-schema (2.5.1)
      addressable (~> 2.3.7)
    json_pure (1.8.2)
    mail (2.6.3)
      mime-types (>= 1.16, < 3)
    memoizable (0.4.2)
      thread_safe (~> 0.3, >= 0.3.1)
    method_source (0.8.2)
    mime-types (2.6.2)
    mini_portile (0.6.2)
    minitest (5.7.0)
    multi_json (1.11.2)
    multipart-post (2.0.0)
    naught (1.0.0)
    netrc (0.10.3)
    nokogiri (1.6.6.2)
      mini_portile (~> 0.6.0)
    parseconfig (1.0.6)
    pmap (1.0.2)
    pony (1.11)
      mail (>= 2.0)
    pry (0.9.12.6)
      coderay (~> 1.0)
      method_source (~> 0.8)
      slop (~> 3.4)
    pry (0.9.12.6-java)
      coderay (~> 1.0)
      method_source (~> 0.8)
      slop (~> 3.4)
      spoon (~> 0.0)
    rake (10.4.2)
    rest-client (1.8.0)
      http-cookie (>= 1.0.2, < 2.0)
      mime-types (>= 1.16, < 3.0)
      netrc (~> 0.7)
    restforce (2.1.1)
      faraday (~> 0.9.0)
      faraday_middleware (>= 0.8.8)
      hashie (>= 1.2.0, < 4.0)
      json (>= 1.7.5, < 1.9.0)
    rspec (3.3.0)
      rspec-core (~> 3.3.0)
      rspec-expectations (~> 3.3.0)
      rspec-mocks (~> 3.3.0)
    rspec-core (3.3.2)
      rspec-support (~> 3.3.0)
    rspec-expectations (3.3.1)
      diff-lcs (>= 1.2.0, < 2.0)
      rspec-support (~> 3.3.0)
    rspec-mocks (3.3.2)
      diff-lcs (>= 1.2.0, < 2.0)
      rspec-support (~> 3.3.0)
    rspec-support (3.3.0)
    rubyzip (1.1.7)
    salesforce_bulk_query (0.2.0)
      json (~> 1.8)
      xml-simple (~> 1.1)
    simple_oauth (0.3.1)
    slop (3.6.0)
    spoon (0.0.4)
      ffi
    terminal-table (1.5.2)
    thread_safe (0.3.5)
    thread_safe (0.3.5-java)
    timecop (0.7.4)
    twitter (5.14.0)
      addressable (~> 2.3)
      buftok (~> 0.2.0)
      equalizer (~> 0.0.9)
      faraday (~> 0.9.0)
      http (~> 0.6.0)
      http_parser.rb (~> 0.6.0)
      json (~> 1.8)
      memoizable (~> 0.4.0)
      naught (~> 1.0)
      simple_oauth (~> 0.3.0)
    tzinfo (1.2.2)
      thread_safe (~> 0.1)
    unf (0.1.4)
      unf_ext
    unf_ext (0.0.7.1)
    xml-simple (1.1.5)

PLATFORMS
  java
  ruby

DEPENDENCIES
  activesupport
  gooddata!
  json
  json-schema
  pony
  pry
  rake
  restforce
  rspec
  terminal-table
  timecop
  twitter

BUNDLED WITH
   1.10.6
