PATH
  remote: gooddata_connectors_base-s3
  specs:
    gooddata_connectors_base (0.0.1)
      aws-sdk
      erubis
      gooddata

PATH
  remote: gooddata_connectors_downloader_twitter-master
  specs:
    gooddata_connectors_downloader_twitter (0.0.1)
      gooddata
      gooddata_connectors_base
      gooddata_connectors_metadata

PATH
  remote: gooddata_connectors_metadata-0.0.9
  specs:
    gooddata_connectors_metadata (0.0.9)
      aws-sdk
      gooddata (~> 0.6, >= 0.6.12)
      hashie (~> 3.3, >= 3.3.2)
      json-schema (~> 2.6.0)

GEM
  remote: https://rubygems.org/
  specs:
    activesupport (4.2.7)
      i18n (~> 0.7)
      json (~> 1.7, >= 1.7.7)
      minitest (~> 5.1)
      thread_safe (~> 0.3, >= 0.3.4)
      tzinfo (~> 1.1)
    addressable (2.3.8)
    aws-sdk (1.66.0)
      aws-sdk-v1 (= 1.66.0)
    aws-sdk-v1 (1.66.0)
      json (~> 1.4)
      nokogiri (>= 1.4.4)
    buftok (0.2.0)
    coderay (1.1.1)
    docile (1.1.5)
    domain_name (0.5.20160615)
      unf (>= 0.0.5, < 1.0.0)
    equalizer (0.0.10)
    erubis (2.7.0)
    faraday (0.9.2)
      multipart-post (>= 1.2, < 3)
    faraday_middleware (0.10.0)
      faraday (>= 0.7.4, < 0.10)
    ffi (1.9.3-java)
    gli (2.14.0)
    gooddata (0.6.18)
      activesupport (~> 4.1, >= 4.1.0)
      aws-sdk (~> 1.45)
      bundler (~> 1.7, >= 1.7.3)
      docile (~> 1.1, >= 1.1.5)
      erubis (~> 2.7, >= 2.7.0)
      gli (~> 2.12, >= 2.12.2)
      highline (~> 1.6, >= 1.6.21)
      i18n (~> 0.6, >= 0.6.9)
      json_pure (~> 1.8, >= 1.8.1)
      multi_json (~> 1.10, >= 1.10.0)
      parseconfig (~> 1.0, >= 1.0.4)
      pmap (~> 1.0, >= 1.0.1)
      pry (~> 0.9.12.6)
      rest-client (~> 1.7, >= 1.7.2)
      restforce (~> 1.5, >= 1.5.0)
      rubyzip (~> 1.1, >= 1.1.0)
      salesforce_bulk_query (~> 0.0)
      terminal-table (~> 1.4, >= 1.4.5)
    hashie (3.4.4)
    highline (1.7.8)
    http (1.0.4)
      addressable (~> 2.3)
      http-cookie (~> 1.0)
      http-form_data (~> 1.0.1)
      http_parser.rb (~> 0.6.0)
    http-cookie (1.0.2)
      domain_name (~> 0.5)
    http-form_data (1.0.1)
    http_parser.rb (0.6.0-java)
    i18n (0.7.0)
    json (1.8.3-java)
    json-schema (2.6.2)
      addressable (~> 2.3.8)
    json_pure (1.8.3)
    memoizable (0.4.2)
      thread_safe (~> 0.3, >= 0.3.1)
    method_source (0.8.2)
    mime-types (2.99.2)
    minitest (5.9.0)
    multi_json (1.12.1)
    multipart-post (2.0.0)
    naught (1.1.0)
    netrc (0.11.0)
    nokogiri (1.6.8-java)
    parseconfig (1.0.8)
    pmap (1.1.1)
    pry (0.9.12.6-java)
      coderay (~> 1.0)
      method_source (~> 0.8)
      slop (~> 3.4)
      spoon (~> 0.0)
    rest-client (1.8.0)
      http-cookie (>= 1.0.2, < 2.0)
      mime-types (>= 1.16, < 3.0)
      netrc (~> 0.7)
    restforce (1.5.3)
      faraday (~> 0.9.0)
      faraday_middleware (>= 0.8.8)
      hashie (>= 1.2.0, < 4.0)
      json (>= 1.7.5, < 1.9.0)
    rubyzip (1.2.0)
    salesforce_bulk_query (0.2.0)
      json (~> 1.8)
      xml-simple (~> 1.1)
    simple_oauth (0.3.1)
    slop (3.6.0)
    spoon (0.0.4)
      ffi
    terminal-table (1.4.5)
    thread_safe (0.3.5-java)
    twitter (5.16.0)
      addressable (~> 2.3)
      buftok (~> 0.2.0)
      equalizer (= 0.0.10)
      faraday (~> 0.9.0)
      http (~> 1.0)
      http_parser.rb (~> 0.6.0)
      json (~> 1.8)
      memoizable (~> 0.4.0)
      naught (~> 1.0)
      simple_oauth (~> 0.3.0)
    tzinfo (1.2.2)
      thread_safe (~> 0.1)
    unf (0.1.4-java)
    xml-simple (1.1.5)

PLATFORMS
  java

DEPENDENCIES
  ffi (= 1.9.3)
  gooddata
  gooddata_connectors_base!
  gooddata_connectors_downloader_twitter!
  gooddata_connectors_metadata!
  terminal-table (= 1.4.5)
  twitter
